GEM
  remote: http://code.premierinc.com/rubygems/
  specs:
    diff-lcs (1.2.5)
    facter (1.7.5)
    hiera (1.3.2)
      json_pure
    hiera-puppet-helper (1.0.1)
    highline (1.6.21)
    json (1.8.1)
    json_pure (1.8.1)
    librarian (0.1.2)
      highline
      thor (~> 0.15)
    librarian-puppet (0.9.15)
      json
      librarian (>= 0.1.2)
      open3_backport
    metaclass (0.0.4)
    mocha (1.0.0)
      metaclass (~> 0.0.1)
    net-ssh (2.8.0)
    open3_backport (0.0.3)
      open4 (~> 1.3.0)
    open4 (1.3.3)
    puppet (3.3.2)
      facter (~> 1.6)
      hiera (~> 1.0)
      rgen (~> 0.6.5)
    puppet-lint (0.3.2)
    puppetlabs_spec_helper (0.4.1)
      mocha (>= 0.10.5)
      rake
      rspec (>= 2.9.0)
      rspec-puppet (>= 0.1.1)
    rake (10.1.1)
    rgen (0.6.6)
    rspec (2.14.1)
      rspec-core (~> 2.14.0)
      rspec-expectations (~> 2.14.0)
      rspec-mocks (~> 2.14.0)
    rspec-core (2.14.8)
    rspec-expectations (2.14.5)
      diff-lcs (>= 1.1.3, < 2.0)
    rspec-mocks (2.14.6)
    rspec-puppet (0.1.6)
      rspec
    serverspec (0.10.13)
      highline
      net-ssh
      rspec (>= 2.13.0)
    thor (0.19.1)

PLATFORMS
  ruby

DEPENDENCIES
  hiera-puppet-helper (~> 1.0.1)
  librarian-puppet (~> 0.9.10)
  puppet (~> 3.3.1)
  puppet-lint (~> 0.3.2)
  puppetlabs_spec_helper (~> 0.4.1)
  rake (~> 10.1.0)
  rspec-puppet (~> 0.1.6)
  serverspec (~> 0.10.11)
